GEM
  remote: https://rubygems.org/
  specs:
    colorize (0.7.2)
    diff-lcs (1.2.5)
    hologram (1.0.1)
      pygments.rb (~> 0.4.2)
      redcarpet (~> 2.2.2)
      rspec (~> 2.14.1)
    mini_portile (0.5.3)
    nokogiri (1.6.1)
      mini_portile (~> 0.5.0)
    posix-spawn (0.3.8)
    pygments.rb (0.4.2)
      posix-spawn (~> 0.3.6)
      yajl-ruby (~> 1.1.0)
    rake (10.1.1)
    redcarpet (2.2.2)
    rspec (2.14.1)
      rspec-core (~> 2.14.0)
      rspec-expectations (~> 2.14.0)
      rspec-mocks (~> 2.14.0)
    rspec-core (2.14.8)
    rspec-expectations (2.14.5)
      diff-lcs (>= 1.1.3, < 2.0)
    rspec-mocks (2.14.6)
    sass (3.3.10)
    yajl-ruby (1.1.0)

PLATFORMS
  ruby

DEPENDENCIES
  colorize
  hologram
  nokogiri (~> 1.6.1)
  rake (~> 10.1.0)
  sass (= 3.3.10)
