GEM
  remote: https://rubygems.org/
  specs:
    colorize (0.7.3)
    hologram (1.2.0)
      redcarpet (>= 2.2, < 4.0)
      rouge (>= 1.5)
    mini_portile (0.6.0)
    nokogiri (1.6.3.1)
      mini_portile (= 0.6.0)
    rake (10.1.1)
    redcarpet (3.1.2)
    rouge (1.7.1)
    sass (3.4.4)

PLATFORMS
  ruby

DEPENDENCIES
  colorize
  hologram
  nokogiri (~> 1.6.1)
  rake (~> 10.1.0)
  sass (= 3.4.4)
