GEM
  remote: https://rubygems.org/
  specs:
    kss (0.5.0)
    rack (1.5.2)
    rack-protection (1.5.2)
      rack
    rake (10.1.0)
    sass (3.2.6)
    sinatra (1.4.4)
      rack (~> 1.4)
      rack-protection (~> 1.4)
      tilt (~> 1.3, >= 1.3.4)
    tilt (1.4.1)

PLATFORMS
  ruby

DEPENDENCIES
  kss (~> 0.5.0)
  rake (~> 10.1.0)
  sass (= 3.2.6)
  sinatra (~> 1.4.4)
